GEM
  remote: https://rubygems.org/
  specs:
    nio4r (2.5.2)
    puma (4.3.1)
      nio4r (~> 2.0)
    rack (3.0.6.1)
    rack-unreloader (1.7.0)

PLATFORMS
  ruby

DEPENDENCIES
  puma
  rack (>= 2.2.6.4)
  rack-unreloader

BUNDLED WITH
   2.1.4
