GEM
  remote: https://rubygems.org/
  specs:
    nio4r (2.5.9)
    puma (6.2.1)
      nio4r (~> 2.0)
    rack (3.0.7)
    rack-unreloader (1.7.0)

PLATFORMS
  ruby

DEPENDENCIES
  puma (>= 4.3.12)
  rack (>= 3.0.0)
  rack-unreloader

BUNDLED WITH
   2.1.4
