GEM
  remote: https://rubygems.org/
  specs:
    nio4r (2.5.7)
    puma (5.3.1)
      nio4r (~> 2.0)
    rack (2.1.1)
    rack-unreloader (1.7.0)

PLATFORMS
  ruby

DEPENDENCIES
  puma (>= 4.3.8)
  rack
  rack-unreloader

BUNDLED WITH
   2.1.4
